GEM
  remote: https://rubygems.org/
  specs:
    daemons (1.2.6)
    eventmachine (1.2.5)
    osc-ruby (1.1.1)

PLATFORMS
  ruby

DEPENDENCIES
  daemons
  eventmachine
  osc-ruby

BUNDLED WITH
   1.16.0
